GEM
  remote: http://rubygems.org/
  specs:
    grackle (0.1.10)
      json
      mime-types
      oauth
    json (1.6.4)
    mime-types (1.17.2)
    nokogiri (1.5.0)
    oauth (0.4.5)
    rack (1.4.0)
    rack-protection (1.2.0)
      rack
    rake (0.9.2.2)
    sinatra (1.3.2)
      rack (~> 1.3, >= 1.3.6)
      rack-protection (~> 1.2)
      tilt (~> 1.3, >= 1.3.3)
    tilt (1.3.3)

PLATFORMS
  ruby

DEPENDENCIES
  grackle
  nokogiri
  rake
  sinatra
