GEM
  remote: http://rubygems.org/
  specs:
    grackle (0.1.10)
      json
      mime-types
      oauth
    json (1.6.1)
    mime-types (1.16)
    nokogiri (1.5.0)
    oauth (0.4.5)
    rack (1.3.3)
    rake (0.9.2)
    sinatra (1.2.6)
      rack (~> 1.1)
      tilt (>= 1.2.2, < 2.0)
    tilt (1.3.2)

PLATFORMS
  ruby

DEPENDENCIES
  grackle
  nokogiri
  rake
  sinatra
